GEM
  remote: https://rubygems.org/
  specs:
    dotenv (0.8.0)
    foreman (0.63.0)
      dotenv (>= 0.7)
      thor (>= 0.13.6)
    grape (0.1.5)
      multi_json
      multi_xml
      rack
      rack-jsonp
      rack-mount
    http (0.0.1)
    multi_json (1.0.3)
    multi_xml (0.4.1)
    puma (2.2.2)
      rack (>= 1.1, < 2.0)
    rack (1.3.5)
    rack-jsonp (1.3.0)
      rack
    rack-mount (0.8.3)
      rack (>= 1.0.0)
    thor (0.18.1)

PLATFORMS
  ruby

DEPENDENCIES
  foreman
  grape
  http
  puma
